GEM
  remote: https://rubygems.org/
  specs:
    flog (4.1.1)
      ruby_parser (~> 3.1, > 3.1.0)
      sexp_processor (~> 4.0)
    rake (10.1.0)
    ruby_parser (3.2.2)
      sexp_processor (~> 4.1)
    sexp_processor (4.3.0)

PLATFORMS
  ruby

DEPENDENCIES
  flog
  rake
